GEM
  remote: https://rubygems.org/
  specs:
    github-markdown (0.5.3)
    json (1.8.0)
    rack (1.5.2)
    rack-protection (1.5.0)
      rack
    rake (10.1.0)
    redcarpet (3.0.0)
    sinatra (1.4.3)
      rack (~> 1.4)
      rack-protection (~> 1.4)
      tilt (~> 1.3, >= 1.3.4)
    tilt (1.4.1)

PLATFORMS
  ruby

DEPENDENCIES
  github-markdown
  json
  rake
  redcarpet
  sinatra
